PATH
  remote: .
  specs:
    rlovelett-ffmpeg (1.1.2)
      multi_json (~> 1.15.0)
      posix-spawn (~> 0.3.15)

GEM
  remote: https://rubygems.org/
  specs:
    diff-lcs (1.5.0)
    multi_json (1.15.0)
    posix-spawn (0.3.15)
    rake (13.0.6)
    rspec (3.12.0)
      rspec-core (~> 3.12.0)
      rspec-expectations (~> 3.12.0)
      rspec-mocks (~> 3.12.0)
    rspec-core (3.12.1)
      rspec-support (~> 3.12.0)
    rspec-expectations (3.12.2)
      diff-lcs (>= 1.2.0, < 2.0)
      rspec-support (~> 3.12.0)
    rspec-mocks (3.12.5)
      diff-lcs (>= 1.2.0, < 2.0)
      rspec-support (~> 3.12.0)
    rspec-support (3.12.0)

PLATFORMS
  ruby

DEPENDENCIES
  rake (>= 13.0.6)
  rlovelett-ffmpeg!
  rspec (~> 3.12.0)

RUBY VERSION
   ruby 3.2.2p53

BUNDLED WITH
   2.4.12
